PATH
  remote: .
  specs:
    local_time_gem (0.1.0)
      timezone (~> 1.0)

GEM
  remote: https://rubygems.org/
  specs:
    minitest (5.22.3)
    rake (13.2.1)
    timezone (1.3.25)

PLATFORMS
  ruby
  x86_64-linux

DEPENDENCIES
  local_time_gem!
  minitest (~> 5.0)
  rake (~> 13.0)

BUNDLED WITH
   2.5.5
